GEM
  remote: https://rubygems.org/
  specs:
    json (1.8.1)
    json-schema (2.2.4)
    minitest (5.7.0)
    rake (10.3.2)

PLATFORMS
  ruby

DEPENDENCIES
  json
  json-schema
  minitest (~> 5.7)
  rake (~> 10.3)

BUNDLED WITH
   1.10.5
