GEM
  remote: https://rubygems.org/
  specs:
    json (1.8.1)
    json-schema (2.2.4)
    rake (10.3.2)

PLATFORMS
  ruby

DEPENDENCIES
  json
  json-schema
  rake (~> 10.3)
